GEM
  remote: https://rubygems.org/
  specs:
    dwolla_v2 (0.4.0)
      faraday (~> 0.9)
      faraday_middleware (~> 0.10)
    faker (1.6.3)
      i18n (~> 0.5)
    faraday (0.9.2)
      multipart-post (>= 1.2, < 3)
    faraday_middleware (0.10.0)
      faraday (>= 0.7.4, < 0.10)
    i18n (0.7.0)
    multipart-post (2.0.0)

PLATFORMS
  ruby

DEPENDENCIES
  dwolla_v2 (~> 0.4)
  faker

BUNDLED WITH
   1.11.2
