GEM
  remote: https://rubygems.org/
  specs:
    addressable (2.4.0)
    dwolla_swagger (1.0.6)
      addressable (~> 2.2, >= 2.2.4)
      json (~> 1.4, >= 1.4.6)
      typhoeus (~> 0.2, >= 0.2.1)
    ethon (0.8.1)
      ffi (>= 1.3.0)
    faker (1.6.3)
      i18n (~> 0.5)
    ffi (1.9.10)
    i18n (0.7.0)
    json (1.8.3)
    typhoeus (0.8.0)
      ethon (>= 0.8.0)

PLATFORMS
  ruby

DEPENDENCIES
  dwolla_swagger (~> 1.0.0)
  faker

BUNDLED WITH
   1.11.2
